PATH
  remote: .
  specs:
    acts_as_elibri_product (0.2.6)
      elibri_xml_versions
      rails

GEM
  remote: http://rubygems.org/
  specs:
    actionmailer (4.0.0)
      actionpack (= 4.0.0)
      mail (~> 2.5.3)
    actionpack (4.0.0)
      activesupport (= 4.0.0)
      builder (~> 3.1.0)
      erubis (~> 2.7.0)
      rack (~> 1.5.2)
      rack-test (~> 0.6.2)
    activemodel (4.0.0)
      activesupport (= 4.0.0)
      builder (~> 3.1.0)
    activerecord (4.0.0)
      activemodel (= 4.0.0)
      activerecord-deprecated_finders (~> 1.0.2)
      activesupport (= 4.0.0)
      arel (~> 4.0.0)
    activerecord-deprecated_finders (1.0.3)
    activesupport (4.0.0)
      i18n (~> 0.6, >= 0.6.4)
      minitest (~> 4.2)
      multi_json (~> 1.3)
      thread_safe (~> 0.1)
      tzinfo (~> 0.3.37)
    arel (4.0.0)
    atomic (1.1.13)
    atomic (1.1.13-java)
    builder (3.1.4)
    database_cleaner (1.1.1)
    diff-lcs (1.1.3)
    elibri_api_client (1.1.8)
      activesupport (>= 2.3.5)
      elibri_onix (>= 0.1.11)
      httparty (= 0.8.1)
      nokogiri (~> 1.5.0)
    elibri_onix (0.2.1)
      activesupport (>= 2.3.5)
      elibri_onix_dict (>= 0.0.5)
      i18n
      nokogiri
    elibri_onix_dict (0.0.13)
    elibri_onix_generator (0.1.2)
      builder
    elibri_onix_mocks (0.1.6)
      activesupport
      builder
      elibri_api_client
      elibri_onix
      elibri_onix_dict
      elibri_onix_generator
      mocha
    elibri_xml_versions (0.1.8)
      elibri_api_client
      elibri_onix_dict
    erubis (2.7.0)
    hike (1.2.3)
    httparty (0.8.1)
      multi_json
      multi_xml
    i18n (0.6.5)
    jquery-rails (2.0.2)
      railties (>= 3.2.0, < 5.0)
      thor (~> 0.14)
    json (1.8.0)
    json (1.8.0-java)
    mail (2.5.4)
      mime-types (~> 1.16)
      treetop (~> 1.4.8)
    metaclass (0.0.1)
    mime-types (1.25)
    minitest (4.7.5)
    mocha (0.11.4)
      metaclass (~> 0.0.1)
    multi_json (1.8.0)
    multi_xml (0.5.1)
    nokogiri (1.5.2)
    nokogiri (1.5.2-java)
    polyglot (0.3.3)
    rack (1.5.2)
    rack-test (0.6.2)
      rack (>= 1.0)
    rails (4.0.0)
      actionmailer (= 4.0.0)
      actionpack (= 4.0.0)
      activerecord (= 4.0.0)
      activesupport (= 4.0.0)
      bundler (>= 1.3.0, < 2.0)
      railties (= 4.0.0)
      sprockets-rails (~> 2.0.0)
    railties (4.0.0)
      actionpack (= 4.0.0)
      activesupport (= 4.0.0)
      rake (>= 0.8.7)
      thor (>= 0.18.1, < 2.0)
    rake (10.1.0)
    rdoc (4.0.1)
      json (~> 1.4)
    rspec (2.10.0)
      rspec-core (~> 2.10.0)
      rspec-expectations (~> 2.10.0)
      rspec-mocks (~> 2.10.0)
    rspec-core (2.10.1)
    rspec-expectations (2.10.0)
      diff-lcs (~> 1.1.3)
    rspec-mocks (2.10.1)
    rspec-rails (2.10.1)
      actionpack (>= 3.0)
      activesupport (>= 3.0)
      railties (>= 3.0)
      rspec (~> 2.10.0)
    sprockets (2.10.0)
      hike (~> 1.2)
      multi_json (~> 1.0)
      rack (~> 1.0)
      tilt (~> 1.1, != 1.3.0)
    sprockets-rails (2.0.0)
      actionpack (>= 3.0)
      activesupport (>= 3.0)
      sprockets (~> 2.8)
    sqlite3 (1.3.6)
    thor (0.18.1)
    thread_safe (0.1.2)
      atomic
    thread_safe (0.1.2-java)
      atomic
    tilt (1.4.1)
    treetop (1.4.15)
      polyglot
      polyglot (>= 0.3.1)
    tzinfo (0.3.37)

PLATFORMS
  java
  ruby

DEPENDENCIES
  acts_as_elibri_product!
  database_cleaner
  elibri_onix
  elibri_onix_generator
  elibri_onix_mocks
  jquery-rails
  rdoc
  rspec
  rspec-rails
  sqlite3
